GEM
  remote: https://rubygems.org/
  specs:
    byebug (10.0.2)
    coderay (1.1.2)
    interception (0.5)
    method_source (0.9.0)
    pry (0.12.2)
      coderay (~> 1.1.0)
      method_source (~> 0.9.0)
    pry-byebug (3.6.0)
      byebug (~> 10.0)
      pry (~> 0.10)
    pry-rescue (1.4.2)
      interception (>= 0.5)
      pry

PLATFORMS
  ruby

DEPENDENCIES
  byebug
  pry
  pry-byebug
  pry-rescue

BUNDLED WITH
   1.17.3
